GEM
  remote: http://rubygems.org/
  specs:
    activemodel (3.0.7)
      activesupport (= 3.0.7)
      builder (~> 2.1.2)
      i18n (~> 0.5.0)
    activerecord (3.0.7)
      activemodel (= 3.0.7)
      activesupport (= 3.0.7)
      arel (~> 2.0.2)
      tzinfo (~> 0.3.23)
    activesupport (3.0.7)
    arel (2.0.9)
    builder (2.1.2)
    configuration (1.2.0)
    haml (3.0.25)
    heroku (1.17.10)
      json (~> 1.4.6)
      launchy (~> 0.3.2)
      rest-client (< 1.7.0, >= 1.4.0)
    heroku_san (1.0.8)
      heroku
    i18n (0.5.0)
    json (1.4.6)
    launchy (0.3.7)
      configuration (>= 0.0.5)
      rake (>= 0.8.1)
    mime-types (1.16)
    pg (0.11.0)
    rack (1.2.2)
    rake (0.8.7)
    rest-client (1.6.1)
      mime-types (>= 1.16)
    sinatra (1.0)
      rack (>= 1.0)
    sqlite3 (1.3.3)
    sqlite3-ruby (1.3.3)
      sqlite3 (>= 1.3.3)
    tzinfo (0.3.26)

PLATFORMS
  ruby

DEPENDENCIES
  activerecord
  haml (~> 3.0)
  heroku
  heroku_san
  pg
  sinatra
  sqlite3-ruby
